GEM
  remote: http://rubygems.org/
  specs:
    bson (1.6.0)
    bson_ext (1.6.0)
      bson (= 1.6.0)
    daemons (1.1.8)
    eventmachine (0.12.10)
    http_parser.rb (0.5.3)
    mongo (1.6.0)
      bson (= 1.6.0)
    multi_json (1.1.0)
    simple_oauth (0.1.5)
    tweetstream (1.1.4)
      daemons (~> 1.1)
      multi_json (>= 1.0)
      twitter-stream (= 0.1.14)
    twitter-stream (0.1.14)
      eventmachine (>= 0.12.8)
      http_parser.rb (~> 0.5.1)
      simple_oauth (~> 0.1.4)
    yajl-ruby (1.1.0)

PLATFORMS
  ruby

DEPENDENCIES
  bson_ext
  mongo
  tweetstream
  yajl-ruby
